GEM
  remote: https://rubygems.org/
  specs:
    minitest (5.9.0)
    monkey_type (0.0.4)
    vector_sse (0.1.4)

PLATFORMS
  ruby

DEPENDENCIES
  minitest (~> 5.8, >= 5.8.4)
  monkey_type
  vector_sse

BUNDLED WITH
   1.12.5
